GEM
  remote: https://rubygems.org/
  specs:
    addressable (2.5.2)
      public_suffix (>= 2.0.2, < 4.0)
    arr-pm (0.0.10)
      cabin (> 0)
    backports (3.11.4)
    cabin (0.9.0)
    childprocess (0.9.0)
      ffi (~> 1.0, >= 1.0.11)
    claide (1.0.2)
    claide-plugins (0.9.2)
      cork
      nap
      open4 (~> 1.3)
    clamp (1.0.1)
    colored2 (3.1.2)
    cork (0.3.0)
      colored2 (~> 3.1)
    danger (5.5.3)
      claide (~> 1.0)
      claide-plugins (>= 0.9.2)
      colored2 (~> 3.1)
      cork (~> 0.1)
      faraday (~> 0.9)
      faraday-http-cache (~> 1.0)
      git (~> 1)
      kramdown (~> 1.5)
      no_proxy_fix
      octokit (~> 4.7)
      terminal-table (~> 1)
    danger-prose (2.0.3)
      danger
    dotenv (2.5.0)
    faraday (0.13.1)
      multipart-post (>= 1.2, < 3)
    faraday-http-cache (1.3.1)
      faraday (~> 0.8)
    ffi (1.9.25)
    ffi-aspell (1.1.0)
      ffi
    fpm (1.10.2)
      arr-pm (~> 0.0.10)
      backports (>= 2.6.2)
      cabin (>= 0.6.0)
      childprocess
      clamp (~> 1.0.0)
      ffi
      json (>= 1.7.7, < 2.0)
      pleaserun (~> 0.0.29)
      ruby-xz (~> 0.2.3)
      stud
    git (1.3.0)
    insist (1.0.0)
    io-like (0.3.0)
    json (1.8.6)
    kramdown (1.15.0)
    mdspell (0.2.0)
      ffi-aspell (~> 1.1)
      kramdown (~> 1.8)
      mixlib-cli (~> 1.5)
      mixlib-config (~> 2.2)
      rainbow (~> 2.0)
    mixlib-cli (1.7.0)
    mixlib-config (2.2.4)
    multipart-post (2.0.0)
    mustache (0.99.8)
    nap (1.1.0)
    no_proxy_fix (0.1.2)
    octokit (4.7.0)
      sawyer (~> 0.8.0, >= 0.5.3)
    open4 (1.3.4)
    pleaserun (0.0.30)
      cabin (> 0)
      clamp
      dotenv
      insist
      mustache (= 0.99.8)
      stud
    public_suffix (3.0.0)
    rainbow (2.2.2)
      rake
    rake (12.2.1)
    ruby-xz (0.2.3)
      ffi (~> 1.9)
      io-like (~> 0.3)
    sawyer (0.8.1)
      addressable (>= 2.3.5, < 2.6)
      faraday (~> 0.8, < 1.0)
    stud (0.0.23)
    terminal-table (1.8.0)
      unicode-display_width (~> 1.1, >= 1.1.1)
    unicode-display_width (1.3.0)

PLATFORMS
  ruby

DEPENDENCIES
  danger
  danger-prose
  fpm
  mdspell

BUNDLED WITH
   1.16.4
